GIT
  remote: git://github.com/guidomb/slather.git
  revision: 7ede055c58c67f878bb56eefd636e3be1a7f2200
  branch: master
  specs:
    slather (2.0.0)
      clamp (~> 0.6)
      nokogiri (~> 1.6.3)
      xcodeproj (>= 0.28.2, < 1.1.0)

GEM
  remote: https://rubygems.org/
  specs:
    activesupport (4.2.5.1)
      i18n (~> 0.7)
      json (~> 1.7, >= 1.7.7)
      minitest (~> 5.1)
      thread_safe (~> 0.3, >= 0.3.4)
      tzinfo (~> 1.1)
    addressable (2.4.0)
    aws-sdk (2.2.16)
      aws-sdk-resources (= 2.2.16)
    aws-sdk-core (2.2.16)
      jmespath (~> 1.0)
    aws-sdk-resources (2.2.16)
      aws-sdk-core (= 2.2.16)
    backports (3.6.8)
    carthage_cache (0.2.2)
      aws-sdk (~> 2.2.3)
      commander (~> 4.3.8)
    claide (0.9.1)
    clamp (0.6.5)
    colored (1.2)
    colorize (0.7.7)
    commander (4.3.8)
      highline (~> 1.7.2)
    ethon (0.8.1)
      ffi (>= 1.3.0)
    faraday (0.9.2)
      multipart-post (>= 1.2, < 3)
    faraday_middleware (0.10.0)
      faraday (>= 0.7.4, < 0.10)
    ffi (1.9.10)
    gh (0.14.0)
      addressable
      backports
      faraday (~> 0.8)
      multi_json (~> 1.0)
      net-http-persistent (>= 2.7)
      net-http-pipeline
    highline (1.7.8)
    i18n (0.7.0)
    jmespath (1.1.3)
    json (1.8.3)
    launchy (2.4.3)
      addressable (~> 2.3)
    mini_portile2 (2.0.0)
    minitest (5.8.4)
    multi_json (1.11.2)
    multipart-post (2.0.0)
    net-http-persistent (2.9.4)
    net-http-pipeline (1.0.1)
    nokogiri (1.6.7.2)
      mini_portile2 (~> 2.0.0.rc2)
    pusher-client (0.6.2)
      json
      websocket (~> 1.0)
    rouge (1.10.1)
    synx (0.2.0)
      clamp (~> 0.6)
      colorize (~> 0.7)
      xcodeproj (~> 0.28.2)
    thread_safe (0.3.5)
    travis (1.8.2)
      backports
      faraday (~> 0.9)
      faraday_middleware (~> 0.9, >= 0.9.1)
      gh (~> 0.13)
      highline (~> 1.6)
      launchy (~> 2.1)
      pusher-client (~> 0.4)
      typhoeus (~> 0.6, >= 0.6.8)
    typhoeus (0.8.0)
      ethon (>= 0.8.0)
    tzinfo (1.2.2)
      thread_safe (~> 0.1)
    websocket (1.2.2)
    xcodeproj (0.28.2)
      activesupport (>= 3)
      claide (~> 0.9.1)
      colored (~> 1.2)
    xcpretty (0.2.2)
      rouge (~> 1.8)

PLATFORMS
  ruby

DEPENDENCIES
  carthage_cache
  slather!
  synx
  travis
  xcpretty

BUNDLED WITH
   1.11.2
